PATH
  remote: .
  specs:
    tzu_mock (1.2.0)
      binding_of_caller (>= 0.7)
      hashie (= 3.4.0)

GEM
  remote: http://rubygems.org/
  specs:
    binding_of_caller (1.0.0)
      debug_inspector (>= 0.0.1)
    byebug (11.1.3)
    debug_inspector (1.1.0)
    diff-lcs (1.5.0)
    hashie (3.4.0)
    rake (13.0.6)
    rspec (3.11.0)
      rspec-core (~> 3.11.0)
      rspec-expectations (~> 3.11.0)
      rspec-mocks (~> 3.11.0)
    rspec-core (3.11.0)
      rspec-support (~> 3.11.0)
    rspec-expectations (3.11.0)
      diff-lcs (>= 1.2.0, < 2.0)
      rspec-support (~> 3.11.0)
    rspec-mocks (3.11.1)
      diff-lcs (>= 1.2.0, < 2.0)
      rspec-support (~> 3.11.0)
    rspec-support (3.11.0)
    tzu (0.1.2.0)

PLATFORMS
  ruby

DEPENDENCIES
  byebug
  rake
  rspec
  tzu
  tzu_mock!

BUNDLED WITH
   2.3.13
